PATH
  remote: .
  specs:
    iterable_swagger (4.06.08)
      addressable (>= 2.2.4)
      json (>= 1.4.6)
      typhoeus (>= 0.2.1)

GEM
  remote: http://rubygems.org/
  specs:
    addressable (2.3.5)
    ethon (0.5.12)
      ffi (>= 1.3.0)
      mime-types (~> 1.18)
    ffi (1.9.0)
    json (1.8.0)
    mime-types (1.23)
    typhoeus (0.6.3)
      ethon (~> 0.5.11)

PLATFORMS
  ruby

DEPENDENCIES
  iterable_swagger!
